PATH
  remote: .
  specs:
    public_activity (0.4.0)
      actionpack (>= 3.0.0)
      activerecord (>= 3.0.0)
      activesupport (>= 3.0.0)
      i18n (>= 0.5.0)

GEM
  remote: http://rubygems.org/
  specs:
    actionpack (3.2.7)
      activemodel (= 3.2.7)
      activesupport (= 3.2.7)
      builder (~> 3.0.0)
      erubis (~> 2.7.0)
      journey (~> 1.0.4)
      rack (~> 1.4.0)
      rack-cache (~> 1.2)
      rack-test (~> 0.6.1)
      sprockets (~> 2.1.3)
    activemodel (3.2.7)
      activesupport (= 3.2.7)
      builder (~> 3.0.0)
    activerecord (3.2.7)
      activemodel (= 3.2.7)
      activesupport (= 3.2.7)
      arel (~> 3.0.2)
      tzinfo (~> 0.3.29)
    activesupport (3.2.7)
      i18n (~> 0.6)
      multi_json (~> 1.0)
    arel (3.0.2)
    builder (3.0.0)
    erubis (2.7.0)
    github-markup (0.7.4)
    hike (1.2.1)
    i18n (0.6.0)
    journey (1.0.4)
    metaclass (0.0.1)
    minitest (3.3.0)
    mocha (0.12.2)
      metaclass (~> 0.0.1)
    multi_json (1.3.6)
    rack (1.4.1)
    rack-cache (1.2)
      rack (>= 0.4)
    rack-test (0.6.1)
      rack (>= 1.0)
    rake (0.9.2.2)
    redcarpet (2.1.1)
    simplecov (0.6.4)
      multi_json (~> 1.0)
      simplecov-html (~> 0.5.3)
    simplecov-html (0.5.3)
    sprockets (2.1.3)
      hike (~> 1.2)
      rack (~> 1.0)
      tilt (~> 1.1, != 1.3.0)
    sqlite3 (1.3.6)
    tilt (1.3.3)
    tzinfo (0.3.33)
    yard (0.8.2.1)

PLATFORMS
  ruby

DEPENDENCIES
  bundler (>= 1.1)
  github-markup
  minitest (>= 3.2.0)
  mocha (>= 0.12.1)
  public_activity!
  rake (>= 0.9)
  redcarpet
  simplecov (>= 0.6.4)
  sqlite3
  yard
